GEM
  remote: http://rubygems.org/
  specs:
    eventmachine (1.0.0.beta.4)
    little-plugger (1.1.3)
    logging (1.6.2)
      little-plugger (>= 1.1.3)
    rake (0.9.2.2)
    slyphon-zookeeper (0.2.7)
    zk (0.8.5)
      slyphon-zookeeper (~> 0.2.3)
    zk-eventmachine (0.1.8)
      eventmachine (~> 1.0.0.beta.3)
      slyphon-zookeeper (~> 0.2.4)
      zk (~> 0.8.5)

PLATFORMS
  ruby

DEPENDENCIES
  eventmachine (~> 1.0.0.beta.4)
  logging
  rake (>= 0.9)
  zk-eventmachine
